GEM
  remote: https://rubygems.org/
  specs:
    require_all (3.0.0)

PLATFORMS
  ruby
  x86_64-linux

DEPENDENCIES
  require_all (~> 3.0)

BUNDLED WITH
   2.5.22
